GEM
  remote: https://rubygems.org/
  specs:
    activesupport (4.2.1)
      i18n (~> 0.7)
      json (~> 1.7, >= 1.7.7)
      minitest (~> 5.1)
      thread_safe (~> 0.3, >= 0.3.4)
      tzinfo (~> 1.1)
    albacore (2.3.22)
      map (~> 6.5)
      nokogiri (~> 1.5)
      rake (~> 10)
      semver2 (~> 3.4)
    i18n (0.7.0)
    json (1.8.2)
    map (6.5.5)
    mini_portile (0.6.2)
    minitest (5.6.0)
    nokogiri (1.6.6.2-x64-mingw32)
      mini_portile (~> 0.6.0)
    nokogiri (1.6.6.2-x86-mingw32)
      mini_portile (~> 0.6.0)
    physique (0.3.10)
      activesupport (~> 4.1)
      albacore (~> 2.3)
      map (~> 6.5)
      rake (~> 10)
      semver2 (~> 3.4)
    rake (10.4.2)
    semver2 (3.4.2)
    thread_safe (0.3.5)
    tzinfo (1.2.2)
      thread_safe (~> 0.1)
    warmup (0.6.6.0)

PLATFORMS
  x64-mingw32
  x86-mingw32

DEPENDENCIES
  physique (~> 0.3)
  warmup (~> 0.6)
